GEM
  remote: http://rubygems.org/
  specs:
    appetite (0.0.7)
      rack (~> 1.4)
    daemons (1.1.9)
    e (0.3.2)
      appetite (>= 0.0.6)
      tilt (~> 1.3)
    eventmachine (1.0.0)
    god (0.13.1)
    i18n (0.6.1)
    mail (2.5.2)
      i18n (>= 0.4.0)
      mime-types (~> 1.16)
      treetop (~> 1.4.8)
    mime-types (1.19)
    polyglot (0.3.3)
    pony (1.4)
      mail (> 2.0)
    rack (1.4.1)
    rack-env (0.1.3)
    rack-throttle (0.3.0)
      rack (>= 1.0.0)
    thin (1.5.0)
      daemons (>= 1.0.9)
      eventmachine (>= 0.12.6)
      rack (>= 1.0.0)
    tilt (1.3.3)
    treetop (1.4.12)
      polyglot
      polyglot (>= 0.3.1)

PLATFORMS
  ruby

DEPENDENCIES
  e
  god
  pony
  rack-env
  rack-throttle
  thin
